GEM
  remote: https://rubygems.org/
  specs:
    activemodel (4.2.1)
      activesupport (= 4.2.1)
      builder (~> 3.1)
    activesupport (4.2.1)
      i18n (~> 0.7)
      json (~> 1.7, >= 1.7.7)
      minitest (~> 5.1)
      thread_safe (~> 0.3, >= 0.3.4)
      tzinfo (~> 1.1)
    addressable (2.8.0)
      public_suffix (>= 2.0.2, < 5.0)
    builder (3.2.2)
    byebug (4.0.5)
      columnize (= 0.9.0)
    columnize (0.9.0)
    commander (4.3.4)
      highline (~> 1.7.2)
    highline (1.7.2)
    i18n (0.7.0)
    json (1.8.2)
    mime-types (2.5)
    minitest (5.6.1)
    netrc (0.10.3)
    oauth (0.4.7)
    public_suffix (4.0.6)
    rest-client (1.7.3)
      mime-types (>= 1.16, < 3.0)
      netrc (~> 0.7)
    ruby-trello (1.2.1)
      activemodel (>= 3.2.0)
      addressable (~> 2.3)
      json
      oauth (~> 0.4.5)
      rest-client (~> 1.7.2)
    thread_safe (0.3.5)
    tzinfo (1.2.2)
      thread_safe (~> 0.1)

PLATFORMS
  ruby

DEPENDENCIES
  byebug
  commander
  ruby-trello
