GEM
  remote: https://rubygems.org/
  specs:
    activemodel (6.1.7.5)
      activesupport (= 6.1.7.5)
    activesupport (6.1.7.5)
      concurrent-ruby (~> 1.0, >= 1.0.2)
      i18n (>= 1.6, < 2)
      minitest (>= 5.1)
      tzinfo (~> 2.0)
      zeitwerk (~> 2.3)
    addressable (2.8.0)
      public_suffix (>= 2.0.2, < 5.0)
    byebug (4.0.5)
      columnize (= 0.9.0)
    columnize (0.9.0)
    commander (4.3.4)
      highline (~> 1.7.2)
    concurrent-ruby (1.3.5)
    highline (1.7.2)
    i18n (1.14.7)
      concurrent-ruby (~> 1.0)
    json (2.15.1)
    mime-types (2.5)
    minitest (5.26.0)
    netrc (0.10.3)
    oauth (0.4.7)
    public_suffix (4.0.6)
    rest-client (1.7.3)
      mime-types (>= 1.16, < 3.0)
      netrc (~> 0.7)
    ruby-trello (1.2.1)
      activemodel (>= 3.2.0)
      addressable (~> 2.3)
      json
      oauth (~> 0.4.5)
      rest-client (~> 1.7.2)
    tzinfo (2.0.6)
      concurrent-ruby (~> 1.0)
    zeitwerk (2.7.3)

PLATFORMS
  ruby

DEPENDENCIES
  byebug
  commander
  ruby-trello
