GEM
  remote: https://rubygems.org/
  specs:
    activemodel (8.0.3)
      activesupport (= 8.0.3)
    activesupport (8.0.3)
      base64
      benchmark (>= 0.3)
      bigdecimal
      concurrent-ruby (~> 1.0, >= 1.3.1)
      connection_pool (>= 2.2.5)
      drb
      i18n (>= 1.6, < 2)
      logger (>= 1.4.2)
      minitest (>= 5.1)
      securerandom (>= 0.3)
      tzinfo (~> 2.0, >= 2.0.5)
      uri (>= 0.13.1)
    addressable (2.8.0)
      public_suffix (>= 2.0.2, < 5.0)
    base64 (0.3.0)
    benchmark (0.4.1)
    bigdecimal (3.3.1)
    byebug (4.0.5)
      columnize (= 0.9.0)
    columnize (0.9.0)
    commander (4.3.4)
      highline (~> 1.7.2)
    concurrent-ruby (1.3.5)
    connection_pool (2.5.4)
    domain_name (0.6.20240107)
    drb (2.2.3)
    faraday (2.14.0)
      faraday-net_http (>= 2.0, < 3.5)
      json
      logger
    faraday-net_http (3.4.1)
      net-http (>= 0.5.0)
    highline (1.7.2)
    http-cookie (1.1.0)
      domain_name (~> 0.5)
    i18n (1.14.7)
      concurrent-ruby (~> 1.0)
    json (2.15.1)
    logger (1.7.0)
    mime-types (2.99.3)
    minitest (5.6.1)
    net-http (0.6.0)
      uri
    netrc (0.11.0)
    oauth (0.4.7)
    public_suffix (4.0.6)
    rest-client (1.8.0)
      http-cookie (>= 1.0.2, < 2.0)
      mime-types (>= 1.16, < 3.0)
      netrc (~> 0.7)
    ruby-trello (4.0.0)
      activemodel (>= 6.0.0)
      addressable (~> 2.3)
      faraday (~> 2.0)
      json (>= 2.3.0)
      oauth (>= 0.4.5)
    securerandom (0.4.1)
    tzinfo (2.0.6)
      concurrent-ruby (~> 1.0)
    uri (1.0.4)

PLATFORMS
  ruby

DEPENDENCIES
  byebug
  commander
  ruby-trello
